PATH
  remote: .
  specs:
    keeper (0.0.1)
      activesupport
      colorize
      thor

GEM
  specs:
    activesupport (4.2.7.1)
      i18n (~> 0.7)
      json (~> 1.7, >= 1.7.7)
      minitest (~> 5.1)
      thread_safe (~> 0.3, >= 0.3.4)
      tzinfo (~> 1.1)
    byebug (5.0.0)
      columnize (= 0.9.0)
    colorize (0.8.1)
    columnize (0.9.0)
    i18n (0.8.1)
    json (1.8.6)
    minitest (5.10.1)
    thor (0.19.4)
    thread_safe (0.3.6)
    tzinfo (1.2.3)
      thread_safe (~> 0.1)

PLATFORMS
  ruby

DEPENDENCIES
  byebug
  keeper!

BUNDLED WITH
   1.12.3
